GEM
  remote: http://rubygems.org/
  specs:
    addressable (2.2.6)
    fakeweb (1.3.0)
    faraday (0.7.5)
      addressable (~> 2.2.6)
      multipart-post (~> 1.1.3)
      rack (>= 1.1.0, < 2)
    faraday_middleware (0.7.0)
      faraday (~> 0.7.3)
    git (1.2.5)
    hashie (1.2.0)
    jeweler (1.6.4)
      bundler (~> 1.0)
      git (>= 1.2.5)
      rake
    jnunemaker-matchy (0.4.0)
    json_pure (1.6.4)
    log4r (1.1.10)
    multi_json (1.0.4)
    multipart-post (1.1.3)
    rack (1.6.11)
    rake (0.9.2.2)
    rcov (0.9.11)
    shoulda (2.11.3)

PLATFORMS
  ruby

DEPENDENCIES
  fakeweb (~> 1.3)
  faraday (~> 0.7.5)
  faraday_middleware (>= 0.6, < 0.8)
  hashie (~> 1.0)
  jeweler (~> 1.5)
  jnunemaker-matchy (~> 0.4)
  json_pure (~> 1.4)
  log4r
  multi_json (>= 0.0.5, < 2.0.0)
  rcov
  shoulda
